PATH
  remote: .
  specs:
    attempt_this (1.0.3)

GEM
  remote: http://rubygems.org/
  specs:
    diff-lcs (1.2.4)
    docile (1.1.2)
    multi_json (1.8.4)
    rake (10.1.1)
    rspec (2.13.0)
      rspec-core (~> 2.13.0)
      rspec-expectations (~> 2.13.0)
      rspec-mocks (~> 2.13.0)
    rspec-core (2.13.1)
    rspec-expectations (2.13.0)
      diff-lcs (>= 1.1.3, < 2.0)
    rspec-mocks (2.13.1)
    simplecov (0.8.2)
      docile (~> 1.1.0)
      multi_json
      simplecov-html (~> 0.8.0)
    simplecov-html (0.8.0)

PLATFORMS
  java
  ruby
  x86-mingw32

DEPENDENCIES
  attempt_this!
  bundler (~> 1.6)
  rake (~> 10.1)
  rspec (~> 2.13)
  simplecov (~> 0.8)

BUNDLED WITH
   1.10.6
